GEM
  remote: http://rubygems.org/
  specs:
    chunky_png (1.2.5)
    compass (0.12.1)
      chunky_png (~> 1.2)
      fssm (>= 0.2.7)
      sass (~> 3.1)
    cuba (3.0.0)
      rack
    fssm (0.2.9)
    nest (1.1.1)
      redis
    ohm (1.0.1)
      nest (~> 1.0)
      redis (~> 2.2)
      scrivener (~> 0.0.3)
    ohm-contrib (1.0.0)
      ohm (~> 1.0)
    rack (1.4.1)
    rack-protection (1.2.0)
      rack
    redis (2.2.2)
    sass (3.1.17)
    scrivener (0.0.3)
    shotgun (0.9)
      rack (>= 1.0)

PLATFORMS
  ruby

DEPENDENCIES
  compass (~> 0.12.1)
  cuba (~> 3.0.0)
  ohm (~> 1.0.1)
  ohm-contrib (~> 1.0.0)
  rack-protection (~> 1.2.0)
  shotgun (~> 0.9)
